GEM
  remote: https://rubygems.org/
  specs:
    sass (3.4.11)
    sass-globbing (1.1.1)
      sass (>= 3.1)

PLATFORMS
  ruby
  x64-mingw32

DEPENDENCIES
  sass (= 3.4.11)
  sass-globbing (= 1.1.1)
